PATH
  remote: .
  specs:
    ansi2 (0.0.1)

GEM
  remote: https://rubygems.org/
  specs:
    rake (10.3.2)

PLATFORMS
  ruby

DEPENDENCIES
  ansi2!
  bundler (~> 1.7)
  rake (~> 10.0)
